GEM
  remote: https://rubygems.org/
  specs:
    concurrent-ruby (1.0.5)
    faker (1.8.4)
      i18n (~> 0.5)
    i18n (0.9.0)
      concurrent-ruby (~> 1.0)
    mustermann (1.0.1)
    rack (2.0.3)
    rack-protection (2.0.0)
      rack
    sinatra (2.0.0)
      mustermann (~> 1.0)
      rack (~> 2.0)
      rack-protection (= 2.0.0)
      tilt (~> 2.0)
    tilt (2.0.8)

PLATFORMS
  ruby

DEPENDENCIES
  faker
  sinatra

BUNDLED WITH
   1.15.3
